PATH
  remote: .
  specs:
    sem4r (0.1.6)
      builder
      builder
      haml
      highline
      httpclient
      nokogiri
      nokogiri
      optparse-command (= 0.1.6)
      signet
      sinatra

GEM
  remote: http://rubygems.org/
  specs:
    addressable (2.2.6)
    builder (3.0.0)
    diff-lcs (1.1.2)
    differ (0.1.2)
    haml (3.1.1)
    highline (1.6.2)
    httpadapter (1.0.0)
      addressable (~> 2.2.0)
    httpclient (2.2.0.2)
    json (1.5.1)
    json (1.5.1-java)
    nokogiri (1.4.4)
    nokogiri (1.4.4-java)
      weakling (>= 0.0.3)
    optparse-command (0.1.6)
    rack (1.3.0)
    rake (0.9.0)
    rspec (2.6.0)
      rspec-core (~> 2.6.0)
      rspec-expectations (~> 2.6.0)
      rspec-mocks (~> 2.6.0)
    rspec-core (2.6.3)
    rspec-expectations (2.6.0)
      diff-lcs (~> 1.1.2)
    rspec-mocks (2.6.0)
    signet (0.2.2)
      addressable (~> 2.2.1)
      httpadapter (~> 1.0.0)
      json (>= 1.4.6)
    sinatra (1.2.6)
      rack (~> 1.1)
      tilt (< 2.0, >= 1.2.2)
    tilt (1.3.2)
    weakling (0.0.4-java)
    yard (0.7.1)

PLATFORMS
  java
  ruby

DEPENDENCIES
  bundler
  differ
  rake
  rspec
  sem4r!
  yard
