PATH
  remote: .
  specs:
    sem4r (0.1.4)
      builder
      builder
      highline
      httpclient
      nokogiri
      nokogiri
      optparse-command (= 0.1.6)

GEM
  remote: http://rubygems.org/
  specs:
    builder (3.0.0)
    diff-lcs (1.1.2)
    differ (0.1.2)
    highline (1.6.1)
    httpclient (2.1.6.1)
    nokogiri (1.4.4)
    nokogiri (1.4.4-java)
      weakling (>= 0.0.3)
    optparse-command (0.1.6)
    rake (0.8.7)
    rspec (2.5.0)
      rspec-core (~> 2.5.0)
      rspec-expectations (~> 2.5.0)
      rspec-mocks (~> 2.5.0)
    rspec-core (2.5.1)
    rspec-expectations (2.5.0)
      diff-lcs (~> 1.1.2)
    rspec-mocks (2.5.0)
    weakling (0.0.4-java)
    yard (0.6.4)

PLATFORMS
  java
  ruby

DEPENDENCIES
  bundler
  differ
  rake
  rspec
  sem4r!
  yard
