PATH
  remote: .
  specs:
    sem4r (0.1.4)
      builder
      builder
      haml
      highline
      httpclient
      nokogiri
      nokogiri
      optparse-command (= 0.1.6)
      signet
      sinatra

GEM
  remote: http://rubygems.org/
  specs:
    addressable (2.2.4)
    builder (3.0.0)
    diff-lcs (1.1.2)
    differ (0.1.2)
    haml (3.0.25)
    highline (1.6.1)
    httpadapter (0.2.1)
      addressable (~> 2.2.0)
    httpclient (2.1.6.1)
    json (1.5.1)
    json (1.5.1-java)
    nokogiri (1.4.4)
    nokogiri (1.4.4-java)
      weakling (>= 0.0.3)
    optparse-command (0.1.6)
    rack (1.2.1)
    rake (0.8.7)
    rspec (2.5.0)
      rspec-core (~> 2.5.0)
      rspec-expectations (~> 2.5.0)
      rspec-mocks (~> 2.5.0)
    rspec-core (2.5.1)
    rspec-expectations (2.5.0)
      diff-lcs (~> 1.1.2)
    rspec-mocks (2.5.0)
    signet (0.2.0)
      addressable (~> 2.2.1)
      httpadapter (~> 0.2.0)
      json (~> 1.5.0)
    sinatra (1.1.3)
      rack (~> 1.1)
      tilt (>= 1.2.2, < 2.0)
    tilt (1.2.2)
    weakling (0.0.4-java)
    yard (0.6.4)

PLATFORMS
  java
  ruby

DEPENDENCIES
  bundler
  differ
  rake
  rspec
  sem4r!
  yard
